PATH
  remote: .
  specs:
    whmcs-ruby (0.0.1)
      crack (= 0.1.8)

GEM
  specs:
    crack (0.1.8)
    shoulda (4.0.0)

PLATFORMS
  ruby

DEPENDENCIES
  shoulda
  whmcs-ruby!
